GEM
  remote: https://rubygems.org/
  specs:
    json (2.1.0)
    open_uri_redirections (0.2.1)

PLATFORMS
  ruby

DEPENDENCIES
  json
  open_uri_redirections

RUBY VERSION
   ruby 2.4.4p296

BUNDLED WITH
   1.16.3
